GEM
  remote: https://rubygems.org/
  specs:
    blake3-rb (1.5.4.4)
      rb_sys (~> 0.9)
    blake3-rb (1.5.4.4-arm64-darwin)
    diff-lcs (1.5.1)
    dotenv (3.1.4)
    ed25519 (1.3.0)
    ffi (1.17.0)
    ffi (1.17.0-arm64-darwin)
    listen (3.9.0)
      rb-fsevent (~> 0.10, >= 0.10.3)
      rb-inotify (~> 0.9, >= 0.9.10)
    nio4r (2.7.3)
    puma (6.4.3)
      nio4r (~> 2.0)
    rack (3.1.7)
    rackup (2.1.0)
      rack (>= 3)
      webrick (~> 1.8)
    rb-fsevent (0.11.2)
    rb-inotify (0.11.1)
      ffi (~> 1.0)
    rb_sys (0.9.102)
    rerun (0.14.0)
      listen (~> 3.0)
    roda (3.84.0)
      rack
    rspec (3.13.0)
      rspec-core (~> 3.13.0)
      rspec-expectations (~> 3.13.0)
      rspec-mocks (~> 3.13.0)
    rspec-core (3.13.1)
      rspec-support (~> 3.13.0)
    rspec-expectations (3.13.3)
      diff-lcs (>= 1.2.0, < 2.0)
      rspec-support (~> 3.13.0)
    rspec-mocks (3.13.1)
      diff-lcs (>= 1.2.0, < 2.0)
      rspec-support (~> 3.13.0)
    rspec-support (3.13.1)
    sorbet (0.5.11589)
      sorbet-static (= 0.5.11589)
    sorbet-runtime (0.5.11589)
    sorbet-static (0.5.11589-universal-darwin)
    webrick (1.8.2)
    zeitwerk (2.6.18)

PLATFORMS
  arm64-darwin-23
  ruby

DEPENDENCIES
  blake3-rb (~> 1.5)
  dotenv (~> 3.1)
  ed25519 (~> 1.3)
  puma (~> 6.4)
  rackup (~> 2.1)
  rerun (~> 0.14)
  roda (~> 3.84)
  rspec (~> 3.13)
  sorbet (~> 0.5)
  sorbet-runtime (~> 0.5)
  zeitwerk (~> 2.6)

BUNDLED WITH
   2.5.11
